GEM
  remote: http://rubygems.org/
  specs:
    PriorityQueue (0.1.2)
    addressable (2.3.6)
    airbrake (4.1.0)
      builder
      multi_json
    amq-protocol (1.9.2)
    builder (3.2.2)
    bunny (1.5.1)
      amq-protocol (>= 1.9.2)
    byebug (3.4.0)
      columnize (~> 0.8)
      debugger-linecache (~> 1.2)
      slop (~> 3.6)
    celluloid (0.15.2)
      timers (~> 1.1.0)
    columnize (0.8.9)
    connection_pool (2.0.0)
    crack (0.4.2)
      safe_yaml (~> 1.0.0)
    debugger-linecache (1.2.0)
    diff-lcs (1.2.5)
    gds-api-adapters (14.10.0)
      link_header
      lrucache (~> 0.1.1)
      null_logger
      plek
      rack-cache
      rest-client (~> 1.6.3)
    json (1.8.1)
    link_header (0.0.8)
    lrucache (0.1.4)
      PriorityQueue (~> 0.1.2)
    mime-types (1.25.1)
    multi_json (1.10.1)
    null_logger (0.0.1)
    plek (1.9.0)
    rack (1.5.2)
    rack-cache (1.2)
      rack (>= 0.4)
    rdoc (4.1.2)
      json (~> 1.4)
    redis (3.1.0)
    redis-namespace (1.5.1)
      redis (~> 3.0, >= 3.0.4)
    rest-client (1.6.8)
      mime-types (~> 1.16)
      rdoc (>= 2.4.2)
    rspec-core (3.1.4)
      rspec-support (~> 3.1.0)
    rspec-expectations (3.1.1)
      diff-lcs (>= 1.2.0, < 2.0)
      rspec-support (~> 3.1.0)
    rspec-mocks (3.1.1)
      rspec-support (~> 3.1.0)
    rspec-support (3.1.0)
    safe_yaml (1.0.4)
    sidekiq (3.2.5)
      celluloid (= 0.15.2)
      connection_pool (>= 2.0.0)
      json
      redis (>= 3.0.6)
      redis-namespace (>= 1.3.1)
    slop (3.6.0)
    timers (1.1.0)
    webmock (1.19.0)
      addressable (>= 2.3.6)
      crack (>= 0.3.2)

PLATFORMS
  ruby

DEPENDENCIES
  airbrake (= 4.1.0)
  bunny (~> 1.5.0)
  byebug
  gds-api-adapters (= 14.10.0)
  plek (= 1.9.0)
  rspec-core (= 3.1.4)
  rspec-expectations (= 3.1.1)
  rspec-mocks (= 3.1.1)
  sidekiq (= 3.2.5)
  webmock (= 1.19.0)
