GEM
  remote: http://rubygems.org/
  specs:
    airbrake (4.1.0)
      builder
      multi_json
    amq-protocol (1.9.2)
    builder (3.2.2)
    bunny (1.3.1)
      amq-protocol (>= 1.9.2)
    byebug (3.4.0)
      columnize (~> 0.8)
      debugger-linecache (~> 1.2)
      slop (~> 3.6)
    columnize (0.8.9)
    debugger-linecache (1.2.0)
    diff-lcs (1.2.5)
    multi_json (1.10.1)
    rspec-core (3.1.4)
      rspec-support (~> 3.1.0)
    rspec-expectations (3.1.1)
      diff-lcs (>= 1.2.0, < 2.0)
      rspec-support (~> 3.1.0)
    rspec-mocks (3.1.1)
      rspec-support (~> 3.1.0)
    rspec-support (3.1.0)
    slop (3.6.0)

PLATFORMS
  ruby

DEPENDENCIES
  airbrake (= 4.1.0)
  bunny (~> 1.3.1)
  byebug
  rspec-core (= 3.1.4)
  rspec-expectations (= 3.1.1)
  rspec-mocks (= 3.1.1)
