GEM
  remote: https://rubygems.org/
  specs:
    PriorityQueue (0.1.2)
    addressable (2.3.6)
    airbrake (4.1.0)
      builder
      multi_json
    amq-protocol (1.9.2)
    builder (3.2.2)
    bunny (1.5.1)
      amq-protocol (>= 1.9.2)
    byebug (3.5.1)
      columnize (~> 0.8)
      debugger-linecache (~> 1.2)
      slop (~> 3.6)
    coderay (1.1.0)
    columnize (0.8.9)
    crack (0.4.2)
      safe_yaml (~> 1.0.0)
    debugger-linecache (1.2.0)
    diff-lcs (1.2.5)
    domain_name (0.5.20170223)
      unf (>= 0.0.5, < 1.0.0)
    gds-api-adapters (40.3.0)
      link_header
      lrucache (~> 0.1.1)
      null_logger
      plek (>= 1.9.0)
      rack-cache
      rest-client (~> 2.0)
    govuk_schemas (2.1.0)
      json-schema (~> 2.5.0)
    http-cookie (1.0.3)
      domain_name (~> 0.5)
    json-schema (2.5.0)
      addressable (~> 2.3)
    link_header (0.0.8)
    lrucache (0.1.4)
      PriorityQueue (~> 0.1.2)
    method_source (0.8.2)
    mime-types (3.1)
      mime-types-data (~> 3.2015)
    mime-types-data (3.2016.0521)
    multi_json (1.10.1)
    netrc (0.11.0)
    null_logger (0.0.1)
    plek (1.9.0)
    pry (0.10.1)
      coderay (~> 1.1.0)
      method_source (~> 0.8.1)
      slop (~> 3.4)
    pry-byebug (3.0.1)
      byebug (~> 3.4)
      pry (~> 0.10)
    rack (2.0.1)
    rack-cache (1.7.0)
      rack (>= 0.4)
    rake (10.5.0)
    redis (3.1.0)
    redis-namespace (1.5.1)
      redis (~> 3.0, >= 3.0.4)
    rest-client (2.0.1)
      http-cookie (>= 1.0.2, < 2.0)
      mime-types (>= 1.16, < 4.0)
      netrc (~> 0.8)
    rspec-core (3.1.4)
      rspec-support (~> 3.1.0)
    rspec-expectations (3.1.1)
      diff-lcs (>= 1.2.0, < 2.0)
      rspec-support (~> 3.1.0)
    rspec-mocks (3.1.1)
      rspec-support (~> 3.1.0)
    rspec-support (3.1.0)
    safe_yaml (1.0.4)
    slop (3.6.0)
    unf (0.1.4)
      unf_ext
    unf_ext (0.0.7.2)
    webmock (1.19.0)
      addressable (>= 2.3.6)
      crack (>= 0.3.2)

PLATFORMS
  ruby

DEPENDENCIES
  airbrake (= 4.1.0)
  bunny (~> 1.5.0)
  gds-api-adapters (= 40.3.0)
  govuk_schemas (~> 2.1)
  plek (= 1.9.0)
  pry-byebug
  rake
  redis (= 3.1.0)
  redis-namespace (= 1.5.1)
  rspec-core (= 3.1.4)
  rspec-expectations (= 3.1.1)
  rspec-mocks (= 3.1.1)
  webmock (= 1.19.0)

BUNDLED WITH
   1.14.5
