GEM
  remote: http://rubygems.org/
  specs:
    amq-protocol (1.9.2)
    bunny (1.3.1)
      amq-protocol (>= 1.9.2)
    byebug (3.4.0)
      columnize (~> 0.8)
      debugger-linecache (~> 1.2)
      slop (~> 3.6)
    columnize (0.8.9)
    debugger-linecache (1.2.0)
    rspec-core (3.1.4)
      rspec-support (~> 3.1.0)
    rspec-support (3.1.0)
    slop (3.6.0)

PLATFORMS
  ruby

DEPENDENCIES
  bunny (~> 1.3.1)
  byebug
  rspec-core (= 3.1.4)
